PATH
  remote: .
  specs:
    administration-one (1.0.6)

GEM
  remote: https://rubygems.org/
  specs:
    rake (13.0.6)

PLATFORMS
  x86_64-darwin-21
  x86_64-darwin-22
  x86_64-darwin-23

DEPENDENCIES
  administration-one!
  rake (~> 13.0)

BUNDLED WITH
   2.3.7
